GEM
  remote: https://rubygems.org/
  specs:
    rake (13.0.6)

PLATFORMS
  x86_64-darwin-19

DEPENDENCIES
  rake (>= 0.9.2)

RUBY VERSION
   ruby 3.0.2p107

BUNDLED WITH
   2.3.16
